GEM
  remote: https://rubygems.org/
  specs:
    childprocess (0.5.8)
      ffi (~> 1.0, >= 1.0.11)
    coderay (1.1.0)
    data_magic (0.21)
      faker (>= 1.1.2)
      yml_reader (>= 0.4)
    diff-lcs (1.2.5)
    faker (1.5.0)
      i18n (~> 0.5)
    ffi (1.9.10-x64-mingw32)
    i18n (0.7.0)
    method_source (0.8.2)
    multi_json (1.11.2)
    page-object (0.9.8)
      page_navigation (>= 0.9)
      selenium-webdriver (>= 2.40.0)
      watir-webdriver (>= 0.6.8)
    page_navigation (0.9)
      data_magic (>= 0.14)
    pry (0.10.3)
      coderay (~> 1.1.0)
      method_source (~> 0.8.1)
      slop (~> 3.4)
    rspec (2.14.1)
      rspec-core (~> 2.14.0)
      rspec-expectations (~> 2.14.0)
      rspec-mocks (~> 2.14.0)
    rspec-core (2.14.8)
    rspec-expectations (2.14.5)
      diff-lcs (>= 1.1.3, < 2.0)
    rspec-mocks (2.14.6)
    rubyzip (1.1.7)
    selenium-webdriver (2.43.0)
      childprocess (~> 0.5)
      multi_json (~> 1.0)
      rubyzip (~> 1.0)
      websocket (~> 1.0)
    slop (3.6.0)
    watir-webdriver (0.6.11)
      selenium-webdriver (>= 2.18.0)
    websocket (1.2.2)
    yml_reader (0.5)

PLATFORMS
  x64-mingw32

DEPENDENCIES
  page-object (~> 0.9.8)
  pry
  rspec (= 2.14.1)
  selenium-webdriver (~> 2.43.0)

BUNDLED WITH
   1.10.6
